GEM
  remote: http://rubygems.org/
  specs:
    yajl-ruby (0.8.3)

PLATFORMS
  ruby

DEPENDENCIES
  yajl-ruby
